GIT
  remote: git://github.com/alexdunae/w3c_validators.git
  revision: c8646e28976979dfac9ff7b61e2ecd6bd46fab9f
  specs:
    w3c_validators (1.1.1)

GEM
  remote: http://rubygems.org/
  specs:
    RedCloth (4.2.7)
    chunky_png (1.2.0)
    classifier (1.3.3)
      fast-stemmer (>= 1.0.0)
    compass (0.11.1)
      chunky_png (~> 1.1)
      fssm (>= 0.2.7)
      sass (~> 3.1)
    directory_watcher (1.4.0)
    fast-stemmer (1.0.0)
    fssm (0.2.7)
    haml (3.1.1)
    jekyll (0.10.0)
      classifier (>= 1.3.1)
      directory_watcher (>= 1.1.1)
      liquid (>= 1.9.0)
      maruku (>= 0.5.9)
    json (1.6.1)
    liquid (2.2.2)
    maruku (0.6.0)
      syntax (>= 1.0.0)
    nokogiri (1.4.4)
    rake (0.9.2)
    rdiscount (1.6.8)
    sass (3.1.1)
    syntax (1.0.0)

PLATFORMS
  ruby

DEPENDENCIES
  RedCloth
  compass
  fssm
  haml
  jekyll
  json
  nokogiri
  rake
  rdiscount
  w3c_validators (= 1.1.1)!
